PATH
  remote: .
  specs:
    mustachers (0.1.4)

GEM
  remote: https://rubygems.org/
  specs:
    diff-lcs (1.6.2)
    mustache (1.1.1)
    rake (13.3.0)
    rake-compiler (1.3.0)
      rake
    rake-compiler-dock (1.9.1)
    rb_sys (0.9.117)
      rake-compiler-dock (= 1.9.1)
    rspec (3.13.1)
      rspec-core (~> 3.13.0)
      rspec-expectations (~> 3.13.0)
      rspec-mocks (~> 3.13.0)
    rspec-core (3.13.5)
      rspec-support (~> 3.13.0)
    rspec-expectations (3.13.5)
      diff-lcs (>= 1.2.0, < 2.0)
      rspec-support (~> 3.13.0)
    rspec-mocks (3.13.5)
      diff-lcs (>= 1.2.0, < 2.0)
      rspec-support (~> 3.13.0)
    rspec-support (3.13.5)

PLATFORMS
  arm64-darwin-24
  x86_64-darwin-20

DEPENDENCIES
  mustache (~> 1.1)
  mustachers!
  rake (~> 13.0)
  rake-compiler
  rb_sys (~> 0.9.63)
  rspec (~> 3.13)

BUNDLED WITH
   2.4.16
