PATH
  remote: .
  specs:
    mustachers (0.1.3)

GEM
  remote: https://rubygems.org/
  specs:
    diff-lcs (1.5.0)
    mustache (1.1.0)
    rake (13.0.6)
    rake-compiler (1.2.3)
      rake
    rb_sys (0.9.79)
    rspec (3.12.0)
      rspec-core (~> 3.12.0)
      rspec-expectations (~> 3.12.0)
      rspec-mocks (~> 3.12.0)
    rspec-core (3.12.1)
      rspec-support (~> 3.12.0)
    rspec-expectations (3.12.2)
      diff-lcs (>= 1.2.0, < 2.0)
      rspec-support (~> 3.12.0)
    rspec-mocks (3.12.4)
      diff-lcs (>= 1.2.0, < 2.0)
      rspec-support (~> 3.12.0)
    rspec-support (3.12.0)

PLATFORMS
  arm64-darwin-22
  x86_64-darwin-20

DEPENDENCIES
  mustache (~> 1.1)
  mustachers!
  rake (~> 13.0)
  rake-compiler
  rb_sys (~> 0.9.63)
  rspec (~> 3.12)

BUNDLED WITH
   2.4.16
